GEM
  remote: https://rubygems.org/
  specs:
    aws-sdk (1.53.0)
      aws-sdk-v1 (= 1.53.0)
    aws-sdk-v1 (1.53.0)
      json (~> 1.4)
      nokogiri (>= 1.4.4)
    builder (3.2.2)
    byebug (3.4.0)
      columnize (~> 0.8)
      debugger-linecache (~> 1.2)
      slop (~> 3.6)
    coderay (1.1.0)
    columnize (0.8.9)
    debugger-linecache (1.2.0)
    json (1.8.1)
    method_source (0.8.2)
    mini_portile (0.6.0)
    nokogiri (1.6.3.1)
      mini_portile (= 0.6.0)
    pry (0.10.1)
      coderay (~> 1.1.0)
      method_source (~> 0.8.1)
      slop (~> 3.4)
    pry-byebug (2.0.0)
      byebug (~> 3.4)
      pry (~> 0.10)
    sitemap_generator (5.0.5)
      builder
    slop (3.6.0)

PLATFORMS
  ruby

DEPENDENCIES
  aws-sdk
  pry
  pry-byebug
  sitemap_generator
